PATH
  remote: .
  specs:
    gdshowsdb (0.0.1)

GEM
  remote: https://rubygems.org/
  specs:
    ZenTest (4.8.3)
    diff-lcs (1.1.3)
    rake (0.9.2.2)
    rspec (2.12.0)
      rspec-core (~> 2.12.0)
      rspec-expectations (~> 2.12.0)
      rspec-mocks (~> 2.12.0)
    rspec-core (2.12.2)
    rspec-expectations (2.12.1)
      diff-lcs (~> 1.1.3)
    rspec-mocks (2.12.1)

PLATFORMS
  ruby

DEPENDENCIES
  ZenTest
  bundler (= 1.2.3)
  gdshowsdb!
  rake (~> 0.9.2.2)
  rspec
